GEM
  remote: https://rubygems.org/
  specs:
    ast (2.3.0)
    colorize (0.8.1)
    ffi (1.9.18)
    ffi (1.9.18-x64-mingw32)
    parallel (1.12.0)
    parser (2.4.0.0)
      ast (~> 2.2)
    powerpack (0.1.1)
    rainbow (2.2.2)
      rake
    rake (12.2.1)
    rb-fsevent (0.10.2)
    rb-inotify (0.9.10)
      ffi (>= 0.5.0, < 2)
    rubocop (0.51.0)
      parallel (~> 1.10)
      parser (>= 2.3.3.1, < 3.0)
      powerpack (~> 0.1)
      rainbow (>= 2.2.2, < 3.0)
      ruby-progressbar (~> 1.7)
      unicode-display_width (~> 1.0, >= 1.0.1)
    ruby-progressbar (1.9.0)
    sass (3.5.2)
      sass-listen (~> 4.0.0)
    sass-listen (4.0.0)
      rb-fsevent (~> 0.9, >= 0.9.4)
      rb-inotify (~> 0.9, >= 0.9.7)
    unicode-display_width (1.3.0)

PLATFORMS
  ruby
  x64-mingw32

DEPENDENCIES
  colorize (~> 0.8.1)
  rake (~> 12.2)
  rubocop (~> 0.51.0)
  sass (~> 3.5)

BUNDLED WITH
   1.15.4
